GEM
  remote: http://rubygems.org/
  specs:
    bubble-wrap (1.3.0.osx)
    rake (10.0.4)

PLATFORMS
  ruby

DEPENDENCIES
  bubble-wrap (= 1.3.0.osx)
  rake
